GEM
  remote: https://rubygems.org/
  specs:
    activesupport (7.2.2.1)
      base64
      benchmark (>= 0.3)
      bigdecimal
      concurrent-ruby (~> 1.0, >= 1.3.1)
      connection_pool (>= 2.2.5)
      drb
      i18n (>= 1.6, < 2)
      logger (>= 1.4.2)
      minitest (>= 5.1)
      securerandom (>= 0.3)
      tzinfo (~> 2.0, >= 2.0.5)
    addressable (2.8.7)
      public_suffix (>= 2.0.2, < 7.0)
    base64 (0.2.0)
    benchmark (0.4.0)
    bigdecimal (3.1.9)
    coderay (1.1.3)
    concurrent-ruby (1.3.5)
    connection_pool (2.5.0)
    csv (3.3.2)
    declarative (0.0.20)
    dotenv (3.1.7)
    drb (2.2.1)
    faraday (1.2.0)
      multipart-post (>= 1.2, < 3)
      ruby2_keywords
    faraday_middleware (1.2.1)
      faraday (~> 1.0)
    gems (1.3.0)
    google-api-client (0.53.0)
      google-apis-core (~> 0.1)
      google-apis-generator (~> 0.1)
    google-apis-core (0.11.3)
      addressable (~> 2.5, >= 2.5.1)
      googleauth (>= 0.16.2, < 2.a)
      httpclient (>= 2.8.1, < 3.a)
      mini_mime (~> 1.0)
      representable (~> 3.0)
      retriable (>= 2.0, < 4.a)
      rexml
    google-apis-discovery_v1 (0.14.0)
      google-apis-core (>= 0.11.0, < 2.a)
    google-apis-drive_v3 (0.46.0)
      google-apis-core (>= 0.11.0, < 2.a)
    google-apis-generator (0.12.0)
      activesupport (>= 5.0)
      gems (~> 1.2)
      google-apis-core (>= 0.11.0, < 2.a)
      google-apis-discovery_v1 (~> 0.5)
      thor (>= 0.20, < 2.a)
    google-apis-sheets_v4 (0.26.0)
      google-apis-core (>= 0.11.0, < 2.a)
    google_drive (3.0.7)
      google-apis-drive_v3 (>= 0.5.0, < 1.0.0)
      google-apis-sheets_v4 (>= 0.4.0, < 1.0.0)
      googleauth (>= 0.5.0, < 1.0.0)
      nokogiri (>= 1.5.3, < 2.0.0)
    googleauth (0.17.1)
      faraday (>= 0.17.3, < 2.0)
      jwt (>= 1.4, < 3.0)
      memoist (~> 0.16)
      multi_json (~> 1.11)
      os (>= 0.9, < 2.0)
      signet (~> 0.15)
    httpclient (2.9.0)
      mutex_m
    i18n (1.14.7)
      concurrent-ruby (~> 1.0)
    jwt (2.10.1)
      base64
    logger (1.6.6)
    memoist (0.16.2)
    method_source (1.1.0)
    mini_mime (1.1.5)
    mini_portile2 (2.8.8)
    minitest (5.25.4)
    multi_json (1.15.0)
    multipart-post (2.4.1)
    mutex_m (0.3.0)
    nokogiri (1.18.3)
      mini_portile2 (~> 2.8.2)
      racc (~> 1.4)
    nokogiri (1.18.3-x86_64-linux-gnu)
      racc (~> 1.4)
    os (1.1.4)
    pry (0.15.2)
      coderay (~> 1.1)
      method_source (~> 1.0)
    public_suffix (6.0.1)
    racc (1.8.1)
    representable (3.2.0)
      declarative (< 0.1.0)
      trailblazer-option (>= 0.1.1, < 0.2.0)
      uber (< 0.2.0)
    retriable (3.1.2)
    rexml (3.4.1)
    ruby2_keywords (0.0.5)
    securerandom (0.4.1)
    signet (0.19.0)
      addressable (~> 2.8)
      faraday (>= 0.17.5, < 3.a)
      jwt (>= 1.5, < 3.0)
      multi_json (~> 1.10)
    thor (1.3.2)
    trailblazer-option (0.1.2)
    tzinfo (2.0.6)
      concurrent-ruby (~> 1.0)
    uber (0.1.0)

PLATFORMS
  ruby
  x86_64-linux

DEPENDENCIES
  csv
  dotenv
  faraday
  faraday_middleware
  google-api-client (>= 0.9.0)
  google_drive
  pry

BUNDLED WITH
   2.6.5
